PATH
  remote: .
  specs:
    trecs (0.3.18)
      minitar (~> 0.5.4)
      trollop (~> 2.0)

GEM
  remote: https://rubygems.org/
  specs:
    diff-lcs (1.2.5)
    given_core (3.5.4)
      sorcerer (>= 0.3.7)
    minitar (0.5.4)
    rake (10.3.2)
    rspec (2.99.0)
      rspec-core (~> 2.99.0)
      rspec-expectations (~> 2.99.0)
      rspec-mocks (~> 2.99.0)
    rspec-core (2.99.2)
    rspec-expectations (2.99.2)
      diff-lcs (>= 1.1.3, < 2.0)
    rspec-given (3.5.4)
      given_core (= 3.5.4)
      rspec (>= 2.12)
    rspec-mocks (2.99.2)
    sorcerer (1.0.2)
    trollop (2.0)

PLATFORMS
  ruby

DEPENDENCIES
  bundler (~> 1.6)
  rake
  rspec (~> 2.12)
  rspec-given (~> 3.5.4)
  trecs!
