PATH
  remote: .
  specs:
    trecs (0.1.3)
      trollop (~> 2.0)

GEM
  remote: https://rubygems.org/
  specs:
    coderay (1.1.0)
    diff-lcs (1.2.5)
    ffi (1.9.3-java)
    given_core (3.5.4)
      sorcerer (>= 0.3.7)
    method_source (0.8.2)
    pry (0.9.12.6)
      coderay (~> 1.0)
      method_source (~> 0.8)
      slop (~> 3.4)
    pry (0.9.12.6-java)
      coderay (~> 1.0)
      method_source (~> 0.8)
      slop (~> 3.4)
      spoon (~> 0.0)
    pry-nav (0.2.3)
      pry (~> 0.9.10)
    rake (10.3.2)
    rspec (2.99.0)
      rspec-core (~> 2.99.0)
      rspec-expectations (~> 2.99.0)
      rspec-mocks (~> 2.99.0)
    rspec-core (2.99.0)
    rspec-expectations (2.99.0)
      diff-lcs (>= 1.1.3, < 2.0)
    rspec-given (3.5.4)
      given_core (= 3.5.4)
      rspec (>= 2.12)
    rspec-mocks (2.99.1)
    slop (3.5.0)
    sorcerer (1.0.2)
    spoon (0.0.4)
      ffi
    trollop (2.0)

PLATFORMS
  java
  ruby

DEPENDENCIES
  bundler (~> 1.6)
  pry
  pry-nav
  rake
  rspec (~> 2.12)
  rspec-given (~> 3.5.4)
  trecs!
