PATH
  remote: .
  specs:
    trecs (0.0.1.alpha2)
      rubyzip (~> 1.0.0)
      trollop (~> 2.0)

GEM
  remote: https://rubygems.org/
  specs:
    diff-lcs (1.2.4)
    given_core (3.5.4)
      sorcerer (>= 0.3.7)
    rake (10.3.2)
    rspec (2.13.0)
      rspec-core (~> 2.13.0)
      rspec-expectations (~> 2.13.0)
      rspec-mocks (~> 2.13.0)
    rspec-core (2.13.1)
    rspec-expectations (2.13.0)
      diff-lcs (>= 1.1.3, < 2.0)
    rspec-given (3.5.4)
      given_core (= 3.5.4)
      rspec (>= 2.12)
    rspec-mocks (2.13.1)
    rubyzip (1.0.0)
    sorcerer (1.0.2)
    trollop (2.0)

PLATFORMS
  ruby

DEPENDENCIES
  bundler (~> 1.6)
  rake
  rspec (~> 2.12)
  rspec-given (~> 3.5.4)
  trecs!
